GIT
  remote: git://github.com/refile/refile.git
  revision: 0dc2072a90020c940102b099387c34297f89b321
  specs:
    refile (0.5.5)
      mime-types
      rest-client (~> 1.8)
      sinatra (~> 1.4.5)

PATH
  remote: .
  specs:
    kvizovi (0.0.1)
      activesupport
      as-duration (~> 0.1)
      aws-sdk (~> 2.1)
      bcrypt (~> 3.1)
      dotenv (~> 2.0)
      elasticsearch (~> 1.0.12)
      inflecto
      memoizable
      mini_magick (~> 4.2)
      pg
      puma (~> 2.12)
      refile (>= 0.5.5)
      refile-mini_magick (~> 0.1)
      refile-s3 (~> 0.1)
      refile-sequel
      roda (~> 2.5)
      roda-symbolized_params
      sequel (~> 4.24)
      sequel_pg
      sequel_postgresql_triggers (~> 1.0.8)
      sidekiq (~> 3.4.1)
      simple_mailer (~> 1.3)
      unindent
      yaks (~> 0.11)

GEM
  remote: https://rubygems.org/
  specs:
    abstract_type (0.0.7)
    activesupport (4.2.3)
      i18n (~> 0.7)
      json (~> 1.7, >= 1.7.7)
      minitest (~> 5.1)
      thread_safe (~> 0.3, >= 0.3.4)
      tzinfo (~> 1.1)
    adamantium (0.2.0)
      ice_nine (~> 0.11.0)
      memoizable (~> 0.4.0)
    anima (0.2.0)
      abstract_type (~> 0.0.7)
      adamantium (~> 0.1)
      equalizer (~> 0.0.8)
    as-duration (0.1.0)
    attribs (1.0.0)
      anima (~> 0.2.0)
    aws-sdk (2.1.7)
      aws-sdk-resources (= 2.1.7)
    aws-sdk-core (2.1.7)
      jmespath (~> 1.0)
    aws-sdk-resources (2.1.7)
      aws-sdk-core (= 2.1.7)
    bcrypt (3.1.10)
    byebug (4.0.5)
      columnize (= 0.9.0)
    celluloid (0.16.0)
      timers (~> 4.0.0)
    coderay (1.1.0)
    columnize (0.9.0)
    concord (0.1.5)
      adamantium (~> 0.2.0)
      equalizer (~> 0.0.9)
    connection_pool (2.2.0)
    domain_name (0.5.24)
      unf (>= 0.0.5, < 1.0.0)
    dotenv (2.0.2)
    elasticsearch (1.0.12)
      elasticsearch-api (= 1.0.12)
      elasticsearch-transport (= 1.0.12)
    elasticsearch-api (1.0.12)
      multi_json
    elasticsearch-transport (1.0.12)
      faraday
      multi_json
    equalizer (0.0.11)
    faraday (0.9.1)
      multipart-post (>= 1.2, < 3)
    hitimes (1.2.2)
    http-cookie (1.0.2)
      domain_name (~> 0.5)
    i18n (0.7.0)
    ice_nine (0.11.1)
    inflection (1.0.0)
    inflecto (0.0.2)
    jmespath (1.0.2)
      multi_json (~> 1.0)
    json (1.8.3)
    memoizable (0.4.2)
      thread_safe (~> 0.3, >= 0.3.1)
    method_source (0.8.2)
    mime-types (2.6.1)
    mini_magick (4.2.7)
    minitest (5.6.1)
    minitest-hooks (1.2.0)
    multi_json (1.11.2)
    multipart-post (2.0.0)
    netrc (0.10.3)
    pg (0.18.2)
    pry (0.10.1)
      coderay (~> 1.1.0)
      method_source (~> 0.8.1)
      slop (~> 3.4)
    pry-byebug (3.1.0)
      byebug (~> 4.0)
      pry (~> 0.10)
    puma (2.12.2)
    rack (1.6.4)
    rack-accept (0.4.5)
      rack (>= 0.4)
    rack-protection (1.5.3)
      rack
    rack-test (0.6.3)
      rack (>= 1.0)
    rake (10.4.2)
    redis (3.2.1)
    redis-namespace (1.5.2)
      redis (~> 3.0, >= 3.0.4)
    refile-mini_magick (0.1.0)
      mini_magick (~> 4.0)
      refile (~> 0.5)
    refile-s3 (0.1.0)
      aws-sdk (~> 2.0)
      refile (~> 0.5.0)
    refile-sequel (0.0.1)
      refile (~> 0.5)
      sequel (~> 4.0)
    rest-client (1.8.0)
      http-cookie (>= 1.0.2, < 2.0)
      mime-types (>= 1.16, < 3.0)
      netrc (~> 0.7)
    roda (2.5.0)
      rack
    roda-symbolized_params (0.0.2)
    ruby-prof (0.15.6)
    sequel (4.24.0)
    sequel_pg (1.6.13)
      pg (>= 0.8.0)
      sequel (>= 3.39.0)
    sequel_postgresql_triggers (1.0.8)
      sequel
    sidekiq (3.4.2)
      celluloid (~> 0.16.0)
      connection_pool (~> 2.2, >= 2.2.0)
      json (~> 1.0)
      redis (~> 3.2, >= 3.2.1)
      redis-namespace (~> 1.5, >= 1.5.2)
    simple_mailer (1.3.0)
    sinatra (1.4.6)
      rack (~> 1.4)
      rack-protection (~> 1.4)
      tilt (>= 1.3, < 3)
    slop (3.6.0)
    thread_safe (0.3.5)
    tilt (2.0.1)
    timecop (0.7.3)
    timers (4.0.1)
      hitimes
    tzinfo (1.2.2)
      thread_safe (~> 0.1)
    unf (0.1.4)
      unf_ext
    unf_ext (0.0.7.1)
    unindent (1.0)
    uri_template (0.6.0)
    yaks (0.11.0)
      abstract_type (~> 0.0.7)
      adamantium (~> 0.2.0)
      anima (~> 0.2.0)
      attribs (~> 1.0)
      concord (~> 0.1.4)
      inflection (~> 1.0)
      rack-accept (~> 0.4.5)
      uri_template (~> 0.6.0)

PLATFORMS
  ruby

DEPENDENCIES
  kvizovi!
  minitest (~> 5.6)
  minitest-hooks (~> 1.2)
  pry-byebug
  rack-test
  rake
  refile!
  ruby-prof
  timecop

BUNDLED WITH
   1.10.5
